GEM
  remote: https://rubygems.org/
  specs:
    diff-lcs (1.2.5)
    docile (1.1.5)
    ethon (0.10.1)
      ffi (>= 1.3.0)
    ffi (1.9.14)
    json (1.8.3)
    mini_portile2 (2.1.0)
    nokogiri (1.6.8.1)
      mini_portile2 (~> 2.1.0)
    retries (0.0.5)
    rspec (3.5.0)
      rspec-core (~> 3.5.0)
      rspec-expectations (~> 3.5.0)
      rspec-mocks (~> 3.5.0)
    rspec-core (3.5.4)
      rspec-support (~> 3.5.0)
    rspec-expectations (3.5.0)
      diff-lcs (>= 1.2.0, < 2.0)
      rspec-support (~> 3.5.0)
    rspec-mocks (3.5.0)
      diff-lcs (>= 1.2.0, < 2.0)
      rspec-support (~> 3.5.0)
    rspec-support (3.5.0)
    simplecov (0.12.0)
      docile (~> 1.1.0)
      json (>= 1.8, < 3)
      simplecov-html (~> 0.10.0)
    simplecov-html (0.10.0)
    swagger_aem (0.9.2)
      json (~> 1.8, >= 1.8.3)
      typhoeus (~> 1.0, >= 1.0.1)
    typhoeus (1.1.2)
      ethon (>= 0.9.0)
    yard (0.9.5)

PLATFORMS
  ruby

DEPENDENCIES
  nokogiri (~> 1.6.8)
  retries (~> 0.0.5)
  rspec
  simplecov
  swagger_aem (~> 0.9.2)
  yard

BUNDLED WITH
   1.13.7
