GEM
  remote: https://rubygems.org/
  specs:
    ethon (0.9.0)
      ffi (>= 1.3.0)
    ffi (1.9.10)
    json (1.8.3)
    mini_portile2 (2.1.0)
    nokogiri (1.6.8)
      mini_portile2 (~> 2.1.0)
      pkg-config (~> 1.1.7)
    pkg-config (1.1.7)
    swagger_aem (0.0.1)
      json (~> 1.8, >= 1.8.3)
      typhoeus (~> 1.0, >= 1.0.1)
    typhoeus (1.0.2)
      ethon (>= 0.9.0)

PLATFORMS
  ruby

DEPENDENCIES
  nokogiri (= 1.6.8)
  swagger_aem (= 0.0.1)

BUNDLED WITH
   1.12.5
